GEM
  remote: https://rubygems.org/
  specs:
    coderay (1.1.1)
    docile (1.1.5)
    json (1.8.3)
    method_source (0.8.2)
    minitest (5.8.3)
    pry (0.10.4)
      coderay (~> 1.1.0)
      method_source (~> 0.8.1)
      slop (~> 3.4)
    rake (10.4.2)
    simplecov (0.12.0)
      docile (~> 1.1.0)
      json (>= 1.8, < 3)
      simplecov-html (~> 0.10.0)
    simplecov-html (0.10.0)
    slop (3.6.0)
    sunlight-congress (1.1.0)
    terminal-table (1.7.1)
      unicode-display_width (~> 1.1.1)
    unicode-display_width (1.1.1)

PLATFORMS
  ruby

DEPENDENCIES
  minitest
  pry
  rake
  simplecov
  sunlight-congress
  terminal-table

BUNDLED WITH
   1.12.5
